GEM
  remote: http://rubygems.org/
  specs:
    beaneater (0.3.2)
    childprocess (0.5.3)
      ffi (~> 1.0, >= 1.0.11)
    commonwatir (4.0.0)
    ffi (1.9.3)
    multi_json (1.10.1)
    os (0.9.6)
    rubyzip (1.1.6)
    selenium-webdriver (2.42.0)
      childprocess (>= 0.5.0)
      multi_json (~> 1.0)
      rubyzip (~> 1.0)
      websocket (~> 1.0.4)
    watir (5.0.0)
      commonwatir (~> 4)
      watir-webdriver
    watir-webdriver (0.6.10)
      selenium-webdriver (>= 2.18.0)
    websocket (1.0.7)
    youtube_search (0.1.9)

PLATFORMS
  ruby

DEPENDENCIES
  beaneater
  os
  watir
  watir-webdriver
  youtube_search
